GEM
  remote: http://rubygems.org/
  specs:
    coderay (1.1.2)
    coffee-script (2.4.1)
      coffee-script-source
      execjs
    coffee-script-source (1.12.2)
    dimensions (1.3.0)
    execjs (2.7.0)
    ffi (1.11.1)
    foreman (0.84.0)
      thor (~> 0.19.1)
    formatador (0.2.5)
    guard (2.14.2)
      formatador (>= 0.2.4)
      listen (>= 2.7, < 4.0)
      lumberjack (>= 1.0.12, < 2.0)
      nenv (~> 0.1)
      notiffany (~> 0.0)
      pry (>= 0.9.12)
      shellany (~> 0.0)
      thor (>= 0.18.1)
    guard-coffeescript (2.0.1)
      coffee-script (>= 2.2.0)
      guard (>= 2.1.0)
      guard-compat (~> 1.1)
    guard-compat (1.2.1)
    guard-concat (0.8.1)
      guard (~> 2.0)
    guard-sass (1.6.1)
      guard (>= 2.8.0)
      sass (>= 3.1)
    haml (5.0.4)
      temple (>= 0.8.0)
      tilt
    listen (3.1.5)
      rb-fsevent (~> 0.9, >= 0.9.4)
      rb-inotify (~> 0.9, >= 0.9.7)
      ruby_dep (~> 1.2)
    lumberjack (1.0.13)
    method_source (0.9.0)
    mustermann (1.0.3)
    nenv (0.3.0)
    nio4r (2.5.2)
    notiffany (0.1.1)
      nenv (~> 0.1)
      shellany (~> 0.0)
    oj (3.5.1)
    pry (0.11.3)
      coderay (~> 1.1.0)
      method_source (~> 0.9.0)
    puma (4.3.3)
      nio4r (~> 2.0)
    rack (2.2.6.2)
    rack-protection (2.0.5)
      rack
    rake (13.0.1)
    rb-fsevent (0.10.3)
    rb-inotify (0.9.10)
      ffi (>= 0.5.0, < 2)
    rerun (0.13.0)
      listen (~> 3.0)
    ruby_dep (1.5.0)
    sass (3.5.6)
      sass-listen (~> 4.0.0)
    sass-listen (4.0.0)
      rb-fsevent (~> 0.9, >= 0.9.4)
      rb-inotify (~> 0.9, >= 0.9.7)
    shellany (0.0.1)
    sinatra (2.0.5)
      mustermann (~> 1.0)
      rack (~> 2.0)
      rack-protection (= 2.0.5)
      tilt (~> 2.0)
    temple (0.8.0)
    thor (0.19.4)
    tilt (2.0.9)
    voidtools (0.3.1)

PLATFORMS
  ruby

DEPENDENCIES
  dimensions
  foreman
  guard
  guard-coffeescript
  guard-concat
  guard-sass
  haml
  oj
  puma
  rake
  rb-inotify
  rerun
  sinatra
  voidtools

BUNDLED WITH
   2.1.4
